PATH
  remote: .
  specs:
    TalyBot (0.1.0)

GEM
  remote: https://rubygems.org/
  specs:
    diff-lcs (1.4.4)
    dyck (0.1.0)
    epubber (0.2.0)
      liquid (~> 3.0)
      nokogiri (~> 1.6)
      rubyzip (>= 1.0.0)
    html_to_plain_text (1.0.5)
      nokogiri (>= 1.4.0)
    httparty (0.18.1)
      mime-types (~> 3.0)
      multi_xml (>= 0.5.2)
    hypdf (1.0.19)
      httparty (> 0.16.0, < 1.0)
    liquid (3.0.6)
    mime-types (3.3.1)
      mime-types-data (~> 3.2015)
    mime-types-data (3.2021.0225)
    multi_xml (0.6.0)
    nokogiri (1.11.7-x64-mingw32)
      racc (~> 1.4)
    racc (1.5.2)
    rake (12.3.3)
    rspec (3.10.0)
      rspec-core (~> 3.10.0)
      rspec-expectations (~> 3.10.0)
      rspec-mocks (~> 3.10.0)
    rspec-core (3.10.1)
      rspec-support (~> 3.10.0)
    rspec-expectations (3.10.1)
      diff-lcs (>= 1.2.0, < 2.0)
      rspec-support (~> 3.10.0)
    rspec-mocks (3.10.2)
      diff-lcs (>= 1.2.0, < 2.0)
      rspec-support (~> 3.10.0)
    rspec-support (3.10.2)
    rubyzip (2.3.0)
    zip-zip (0.3)
      rubyzip (>= 1.0.0)

PLATFORMS
  x64-mingw32

DEPENDENCIES
  TalyBot!
  dyck
  epubber
  html_to_plain_text
  hypdf (~> 1.0.19)
  rake (~> 12.0)
  rspec (~> 3.0)
  zip-zip

BUNDLED WITH
   2.1.4
